GEM
  remote: http://rubygems.org/
  specs:
    RedCloth (4.2.9)
    albino (1.3.3)
      posix-spawn (>= 0.3.6)
    binding_of_caller (0.7.2)
      debug_inspector (>= 0.0.1)
    blankslate (3.1.2)
    bond (0.4.3)
    chunky_png (1.2.8)
    classifier (1.3.3)
      fast-stemmer (>= 1.0.0)
    coderay (1.1.0)
    columnize (0.3.6)
    compass (0.12.2)
      chunky_png (~> 1.2)
      fssm (>= 0.2.7)
      sass (~> 3.1)
    debug_inspector (0.0.2)
    debugger (1.6.4)
      columnize (>= 0.3.1)
      debugger-linecache (~> 1.2.0)
      debugger-ruby_core_source (~> 1.3.0)
    debugger-linecache (1.2.0)
    debugger-ruby_core_source (1.3.0)
    directory_watcher (1.4.1)
    fast-stemmer (1.0.2)
    ffi (1.0.11)
    fssm (0.2.10)
    haml (3.1.8)
    interception (0.3)
    jekyll (0.11.2)
      albino (~> 1.3)
      classifier (~> 1.3)
      directory_watcher (~> 1.1)
      kramdown (~> 0.13)
      liquid (~> 2.3)
      maruku (~> 0.5)
    jist (1.5.1)
      json
    json (1.8.1)
    kramdown (0.14.2)
    liquid (2.3.0)
    maruku (0.7.0)
    method_source (0.8.2)
    mini_portile (0.5.2)
    nokogiri (1.6.1)
      mini_portile (~> 0.5.0)
    posix-spawn (0.3.6)
    pry (0.9.12.4)
      coderay (~> 1.0)
      method_source (~> 0.8)
      slop (~> 3.4)
    pry-debugger (0.2.2)
      debugger (~> 1.3)
      pry (~> 0.9.10)
    pry-doc (0.5.1)
      pry (>= 0.9)
      yard (>= 0.8)
    pry-docmore (0.1.1)
      pry
      pry-doc
    pry-plus (1.0.0)
      bond
      jist
      pry-debugger
      pry-doc
      pry-docmore
      pry-rescue
      pry-stack_explorer
    pry-rescue (1.2.0)
      interception (>= 0.3)
      pry
    pry-stack_explorer (0.4.9.1)
      binding_of_caller (>= 0.7)
      pry (>= 0.9.11)
    pygments.rb (0.2.13)
      rubypython (~> 0.5.3)
    rack (1.4.5)
    rack-protection (1.5.0)
      rack
    rake (0.9.6)
    rb-fsevent (0.9.3)
    rdiscount (1.6.8)
    rubypants (0.2.0)
    rubypython (0.5.3)
      blankslate (>= 2.1.2.3)
      ffi (~> 1.0.7)
    sass (3.2.11)
    sinatra (1.3.6)
      rack (~> 1.4)
      rack-protection (~> 1.3)
      tilt (~> 1.3, >= 1.3.3)
    slop (3.4.7)
    stringex (1.4.0)
    susy (1.0.3)
      compass (>= 0.12.2)
      sass (>= 3.2.0)
    tilt (1.4.1)
    yard (0.8.7.3)

PLATFORMS
  ruby

DEPENDENCIES
  RedCloth (~> 4.2.9)
  compass (~> 0.12.2)
  directory_watcher (~> 1.4.1)
  haml (~> 3.1.6)
  jekyll (~> 0.11.2)
  liquid (~> 2.3.0)
  nokogiri
  pry
  pry-plus
  pry-stack_explorer
  pygments.rb (~> 0.2.12)
  rack (~> 1.4.1)
  rake (~> 0.9.2)
  rb-fsevent (~> 0.9)
  rdiscount (~> 1.6.8)
  rubypants (~> 0.2.0)
  sinatra (~> 1.3.2)
  stringex (~> 1.4.0)
  susy (= 1.0.3)
